GEM
  remote: https://rubygems.org/
  specs:
    aws-sdk (2.9.39)
      aws-sdk-resources (= 2.9.39)
    aws-sdk-core (2.9.39)
      aws-sigv4 (~> 1.0)
      jmespath (~> 1.0)
    aws-sdk-resources (2.9.39)
      aws-sdk-core (= 2.9.39)
    aws-sigv4 (1.0.0)
    builder (3.2.2)
    erubis (2.7.0)
    ffi (1.9.10)
    gssapi (1.2.0)
      ffi (>= 1.0.1)
    gyoku (1.3.1)
      builder (>= 2.1.2)
    httpclient (2.7.1)
    jmespath (1.3.1)
    json (1.8.3)
    kramdown (1.11.1)
    little-plugger (1.1.4)
    logging (1.8.2)
      little-plugger (>= 1.1.3)
      multi_json (>= 1.8.4)
    multi_json (1.11.2)
    nori (2.6.0)
    rake (10.5.0)
    retriable (2.1.0)
    rubyntlm (0.4.0)
    rubyzip (1.1.7)
    uuidtools (2.1.5)
    winrm (1.3.6)
      builder (>= 2.1.2)
      gssapi (~> 1.2)
      gyoku (~> 1.0)
      httpclient (~> 2.2, >= 2.2.0.2)
      logging (>= 1.6.1, < 3.0)
      nori (~> 2.0)
      rubyntlm (~> 0.4.0)
      uuidtools (~> 2.1.2)
    winrm-elevated (0.1.0)
      winrm (~> 1.3)
      winrm-fs (~> 0.2.2)
    winrm-fs (0.2.3)
      erubis (~> 2.7)
      logging (~> 1.6, >= 1.6.1)
      rubyzip (~> 1.1)
      winrm (~> 1.3.0)

PLATFORMS
  ruby
  x86_64-darwin-14

DEPENDENCIES
  aws-sdk
  json
  kramdown
  rake
  retriable
  winrm
  winrm-elevated

BUNDLED WITH
   1.14.6
